PATH
  remote: .
  specs:
    acts_as_suggestable (0.0.1)

GEM
  remote: http://rubygems.org/
  specs:
    ZenTest (4.4.2)
    activemodel (3.0.3)
      activesupport (= 3.0.3)
      builder (~> 2.1.2)
      i18n (~> 0.4)
    activerecord (3.0.3)
      activemodel (= 3.0.3)
      activesupport (= 3.0.3)
      arel (~> 2.0.2)
      tzinfo (~> 0.3.23)
    activesupport (3.0.3)
    arel (2.0.6)
    autotest (4.4.6)
      ZenTest (>= 4.4.1)
    builder (2.1.2)
    diff-lcs (1.1.2)
    i18n (0.4.2)
    rspec (2.5.0)
      rspec-core (~> 2.5.0)
      rspec-expectations (~> 2.5.0)
      rspec-mocks (~> 2.5.0)
    rspec-core (2.5.1)
    rspec-expectations (2.5.0)
      diff-lcs (~> 1.1.2)
    rspec-mocks (2.5.0)
    shoulda (2.11.3)
    sqlite3 (1.3.3)
    tzinfo (0.3.23)

PLATFORMS
  ruby

DEPENDENCIES
  activerecord (~> 3.0)
  activesupport (~> 3.0)
  acts_as_suggestable!
  autotest
  bundler (>= 1.0.0)
  rspec
  rspec-mocks
  shoulda
  sqlite3
